GEM
  remote: https://rubygems.org/
  specs:
    activesupport (4.1.7)
      i18n (~> 0.6, >= 0.6.9)
      json (~> 1.7, >= 1.7.7)
      minitest (~> 5.1)
      thread_safe (~> 0.1)
      tzinfo (~> 1.1)
    awesome_print (1.2.0)
    clockwork (1.0.0)
      activesupport
      tzinfo
    docker-api (1.24.1)
      excon (>= 0.38.0)
      json
    excon (0.45.4)
    i18n (0.6.11)
    json (1.8.3)
    minitest (5.4.2)
    thread_safe (0.3.4)
    tzinfo (1.2.2)
      thread_safe (~> 0.1)

PLATFORMS
  ruby

DEPENDENCIES
  awesome_print
  clockwork
  docker-api

BUNDLED WITH
   1.10.6
